PATH
  remote: /Users/david/programs/sumomo
  specs:
    sumomo (0.8.0)
      activesupport
      aws-sdk (~> 2)
      hashie
      momo (= 0.4.1)
      rubyzip
      s3cabinet
      trollop

GEM
  remote: https://rubygems.org/
  specs:
    activesupport (5.1.4)
      concurrent-ruby (~> 1.0, >= 1.0.2)
      i18n (~> 0.7)
      minitest (~> 5.1)
      tzinfo (~> 1.1)
    aws-sdk (2.10.118)
      aws-sdk-resources (= 2.10.118)
    aws-sdk-core (2.10.118)
      aws-sigv4 (~> 1.0)
      jmespath (~> 1.0)
    aws-sdk-resources (2.10.118)
      aws-sdk-core (= 2.10.118)
    aws-sigv4 (1.0.2)
    chino (0.1.5)
      activesupport
      sinatra (~> 1.4)
    concurrent-ruby (1.0.5)
    hashie (3.5.7)
    i18n (0.9.1)
      concurrent-ruby (~> 1.0)
    jmespath (1.3.1)
    json (2.1.0)
    minitest (5.11.1)
    momo (0.4.1)
      activesupport
      aws-sdk-core
      json
      trollop
    rack (1.6.8)
    rack-protection (1.5.3)
      rack
    rubyzip (1.2.1)
    s3cabinet (0.1.0)
      aws-sdk-core
      json
    sinatra (1.4.8)
      rack (~> 1.5)
      rack-protection (~> 1.4)
      tilt (>= 1.3, < 3)
    thread_safe (0.3.6)
    tilt (2.0.8)
    trollop (2.1.2)
    tzinfo (1.2.4)
      thread_safe (~> 0.1)

PLATFORMS
  ruby

DEPENDENCIES
  chino
  sumomo!

BUNDLED WITH
   1.16.0
